PATH
  remote: .
  specs:
    custom_fields (3.0.0.pre)
      activesupport (~> 3.2.12)
      carrierwave-mongoid (~> 0.5.0)
      mongoid (~> 3.1.1)

GEM
  remote: https://rubygems.org/
  specs:
    RedCloth (4.2.9)
    SystemTimer (1.2.3)
    activemodel (3.2.12)
      activesupport (= 3.2.12)
      builder (~> 3.0.0)
    activesupport (3.2.12)
      i18n (~> 0.6)
      multi_json (~> 1.0)
    builder (3.0.4)
    carrierwave (0.8.0)
      activemodel (>= 3.2.0)
      activesupport (>= 3.2.0)
    carrierwave-mongoid (0.5.0)
      carrierwave (~> 0.8.0)
      mongoid (~> 3.0)
      mongoid-grid_fs (~> 1.3)
    columnize (0.3.6)
    database_cleaner (0.9.1)
    diff-lcs (1.2.1)
    i18n (0.6.4)
    linecache (0.46)
      rbx-require-relative (> 0.0.4)
    metaclass (0.0.1)
    mime-types (1.21)
    mocha (0.13.2)
      metaclass (~> 0.0.1)
    mongoid (3.1.2)
      activemodel (~> 3.2)
      moped (~> 1.4.2)
      origin (~> 1.0)
      tzinfo (~> 0.3.22)
    mongoid-grid_fs (1.7.0)
      mime-types (~> 1.19)
      mongoid (~> 3.0)
    moped (1.4.3)
    multi_json (1.6.1)
    origin (1.0.11)
    rake (10.0.3)
    rbx-require-relative (0.0.9)
    rspec (2.13.0)
      rspec-core (~> 2.13.0)
      rspec-expectations (~> 2.13.0)
      rspec-mocks (~> 2.13.0)
    rspec-core (2.13.0)
    rspec-expectations (2.13.0)
      diff-lcs (>= 1.1.3, < 2.0)
    rspec-mocks (2.13.0)
    ruby-debug (0.10.4)
      columnize (>= 0.1)
      ruby-debug-base (~> 0.10.4.0)
    ruby-debug-base (0.10.4)
      linecache (>= 0.3)
    simplecov (0.7.1)
      multi_json (~> 1.0)
      simplecov-html (~> 0.7.1)
    simplecov-html (0.7.1)
    tzinfo (0.3.36)
    yard (0.8.5.2)

PLATFORMS
  ruby

DEPENDENCIES
  RedCloth (~> 4.2.9)
  SystemTimer
  custom_fields!
  database_cleaner (~> 0.9.1)
  mocha (~> 0.13.2)
  rake
  rspec (~> 2.13)
  ruby-debug
  simplecov (~> 0.7.1)
  yard (~> 0.8.5)
